GIT
  remote: https://github.com/ambethia/recaptcha
  revision: 76c2f58ee906ed591662d552c6be383024af11d6
  specs:
    recaptcha (0.3.6)

GIT
  remote: https://github.com/bbatsov/rubocop
  revision: 5d1bf0ff64d8254b33cf0a10ad7a4b19c4de6b1e
  specs:
    rubocop (0.24.1)
      parser (>= 2.2.0.pre.4, < 3.0)
      powerpack (~> 0.0.6)
      rainbow (>= 1.99.1, < 3.0)
      ruby-progressbar (~> 1.4)

GIT
  remote: https://github.com/engaging-computing/beaker-lang
  revision: e5c449c8515643b955e05a01f5b46110d73d78b7
  specs:
    beaker (1.3.0)
      rltk

GIT
  remote: https://github.com/engaging-computing/better-colorpicker
  revision: abb1a3ebb6e20bea6a3dfd5ed2b5bab09a83c552
  specs:
    better_colorpicker (0.1.2)
      coffee-rails
      coffee-rails-source-maps
      rails (~> 4)
      sass

GIT
  remote: https://github.com/jetthoughts/yaml_db
  revision: 5f73cbd14adee939adf08574ec3bf6e05ee55889
  specs:
    yaml_db (0.2.3)

GEM
  remote: https://rubygems.org/
  specs:
    actionmailer (4.1.16)
      actionpack (= 4.1.16)
      actionview (= 4.1.16)
      mail (~> 2.5, >= 2.5.4)
    actionpack (4.1.16)
      actionview (= 4.1.16)
      activesupport (= 4.1.16)
      rack (~> 1.5.2)
      rack-test (~> 0.6.2)
    actionview (4.1.16)
      activesupport (= 4.1.16)
      builder (~> 3.1)
      erubis (~> 2.7.0)
    activemodel (4.1.16)
      activesupport (= 4.1.16)
      builder (~> 3.1)
    activerecord (4.1.16)
      activemodel (= 4.1.16)
      activesupport (= 4.1.16)
      arel (~> 5.0.0)
    activesupport (4.1.16)
      i18n (~> 0.6, >= 0.6.9)
      json (~> 1.7, >= 1.7.7)
      minitest (~> 5.1)
      thread_safe (~> 0.1)
      tzinfo (~> 1.1)
    addressable (2.3.6)
    ansi (1.4.3)
    arel (5.0.1.20140414130214)
    ast (2.2.0)
    auto_html (1.6.4)
      redcarpet (~> 3.1)
      rinku (~> 1.5.0)
    autoprefixer-rails (5.1.7)
      execjs
      json
    bcrypt (3.1.12)
    bcrypt-ruby (3.1.5)
      bcrypt (>= 3.1.3)
    benchmark-ips (2.7.2)
    bootstrap-datepicker-rails (1.8.0.1)
      railties (>= 3.0)
    bootstrap-sass (3.3.3)
      autoprefixer-rails (>= 5.0.0.1)
      sass (>= 3.2.19)
    bootstrap-switch-rails (3.3.2)
    browser (0.8.0)
    builder (3.2.3)
    byebug (9.0.6)
    capybara (2.4.4)
      mime-types (>= 1.16)
      nokogiri (>= 1.3.3)
      rack (>= 1.0.0)
      rack-test (>= 0.5.4)
      xpath (~> 2.0)
    capybara-screenshot (1.0.9)
      capybara (>= 1.0, < 3)
      launchy
    capybara-webkit (1.3.1)
      capybara (>= 2.0.2, < 2.5.0)
      json
    childprocess (0.5.6)
      ffi (~> 1.0, >= 1.0.11)
    coffee-rails (4.2.2)
      coffee-script (>= 2.2.0)
      railties (>= 4.0.0)
    coffee-rails-source-maps (1.4.0)
      coffee-script-source (>= 1.6.1)
    coffee-script (2.4.1)
      coffee-script-source
      execjs
    coffee-script-source (1.12.2)
    coffeebeans (1.0.1)
      actionpack (>= 3.0.0)
      coffee-script
    coffeelint (0.4.0)
      coffee-script
      execjs
      json
    concurrent-ruby (1.1.5)
    derailed (0.1.0)
      derailed_benchmarks
    derailed_benchmarks (1.3.5)
      benchmark-ips (~> 2)
      get_process_mem (~> 0)
      heapy (~> 0)
      memory_profiler (~> 0)
      rack (>= 1)
      rake (> 10, < 13)
      thor (~> 0.19)
    devise (4.6.2)
      bcrypt (~> 3.0)
      orm_adapter (~> 0.1)
      railties (>= 4.1.0, < 6.0)
      responders
      warden (~> 1.2.3)
    diff-lcs (1.3)
    docile (1.1.5)
    domain_name (0.5.20160615)
      unf (>= 0.0.5, < 1.0.0)
    dropzonejs-rails (0.8.1)
      rails (> 3.1)
    erubis (2.7.0)
    execjs (2.7.0)
    faraday (0.9.2)
      multipart-post (>= 1.2, < 3)
    ffi (1.10.0)
    filigree (0.3.3)
    font-awesome-rails (4.4.0.0)
      railties (>= 3.2, < 5.0)
    get_process_mem (0.2.3)
    handlebars (0.6.0)
      handlebars-source (~> 1.3.0)
      therubyracer (~> 0.12.0)
    handlebars-source (1.3.0)
    handlebars_assets (0.18)
      execjs (>= 1.2.9)
      multi_json
      sprockets (>= 2.0.3)
      tilt
    hashie (3.4.3)
    heapy (0.1.4)
    hike (1.2.3)
    html5_validator (1.0.0)
      json
      rest-client
      rspec
      rspec-collection_matchers (~> 1.0.x)
    http-cookie (1.0.2)
      domain_name (~> 0.5)
    httparty (0.13.3)
      json (~> 1.8)
      multi_xml (>= 0.5.2)
    i18n (0.9.5)
      concurrent-ruby (~> 1.0)
    jqgrid-jquery-rails (4.6.1)
      jquery-rails
      jquery-ui-rails (>= 5.0.0)
      railties (>= 3.1)
    jquery-drag-rails (2.2.0)
    jquery-rails (3.1.3)
      railties (>= 3.0, < 5.0)
      thor (>= 0.14, < 2.0)
    jquery-ui-rails (5.0.5)
      railties (>= 3.2.16)
    json (1.8.6)
    jwt (1.5.4)
    launchy (2.4.3)
      addressable (~> 2.3)
    libv8 (3.16.14.7)
    mail (2.7.1)
      mini_mime (>= 0.1.1)
    memory_profiler (0.9.13)
    mime-types (3.2.2)
      mime-types-data (~> 3.2015)
    mime-types-data (3.2019.0331)
    mini_magick (4.0.1)
    mini_mime (1.0.1)
    mini_portile2 (2.4.0)
    minitest (5.11.3)
    minitest-reporters (1.0.8)
      ansi
      builder
      minitest (>= 5.0)
      ruby-progressbar
    modernizr-rails (2.7.1)
    moment_timezone-rails (0.5.0)
    momentjs-rails (2.20.1)
      railties (>= 3.1)
    multi_json (1.13.1)
    multi_xml (0.5.5)
    multipart-post (2.0.0)
    netrc (0.11.0)
    nokogiri (1.9.1)
      mini_portile2 (~> 2.4.0)
    oauth2 (1.0.0)
      faraday (>= 0.8, < 0.10)
      jwt (~> 1.0)
      multi_json (~> 1.3)
      multi_xml (~> 0.5)
      rack (~> 1.2)
    omniauth (1.3.2)
      hashie (>= 1.2, < 4)
      rack (>= 1.0, < 3)
    omniauth-google-oauth2 (0.4.1)
      jwt (~> 1.5.2)
      multi_json (~> 1.3)
      omniauth (>= 1.1.1)
      omniauth-oauth2 (>= 1.3.1)
    omniauth-oauth2 (1.4.0)
      oauth2 (~> 1.0)
      omniauth (~> 1.2)
    orm_adapter (0.5.0)
    parser (2.3.0.7)
      ast (~> 2.2)
    pg (0.17.1)
    powerpack (0.0.9)
    puma (3.7.1)
    rack (1.5.5)
    rack-cors (0.4.1)
    rack-test (0.6.3)
      rack (>= 1.0)
    rails (4.1.16)
      actionmailer (= 4.1.16)
      actionpack (= 4.1.16)
      actionview (= 4.1.16)
      activemodel (= 4.1.16)
      activerecord (= 4.1.16)
      activesupport (= 4.1.16)
      bundler (>= 1.3.0, < 2.0)
      railties (= 4.1.16)
      sprockets-rails (~> 2.0)
    rails-perftest (0.0.7)
    railties (4.1.16)
      actionpack (= 4.1.16)
      activesupport (= 4.1.16)
      rake (>= 0.8.7)
      thor (>= 0.18.1, < 2.0)
    rainbow (2.0.0)
    rake (12.3.2)
    rb-fsevent (0.10.3)
    rb-inotify (0.10.0)
      ffi (~> 1.0)
    redcarpet (3.2.2)
    ref (1.0.5)
    remotipart (1.2.1)
    responders (1.1.2)
      railties (>= 3.2, < 4.2)
    rest-client (2.0.0)
      http-cookie (>= 1.0.2, < 2.0)
      mime-types (>= 1.16, < 4.0)
      netrc (~> 0.8)
    rinku (1.5.1)
    rltk (3.0.1)
      ffi (>= 1.0.0)
      filigree (>= 0.2.0)
    roo (1.13.2)
      nokogiri
      rubyzip
      spreadsheet (> 0.6.4)
    rspec (3.8.0)
      rspec-core (~> 3.8.0)
      rspec-expectations (~> 3.8.0)
      rspec-mocks (~> 3.8.0)
    rspec-collection_matchers (1.1.2)
      rspec-expectations (>= 2.99.0.beta1)
    rspec-core (3.8.0)
      rspec-support (~> 3.8.0)
    rspec-expectations (3.8.3)
      diff-lcs (>= 1.2.0, < 2.0)
      rspec-support (~> 3.8.0)
    rspec-mocks (3.8.0)
      diff-lcs (>= 1.2.0, < 2.0)
      rspec-support (~> 3.8.0)
    rspec-support (3.8.0)
    ruby-ole (1.2.11.8)
    ruby-prof (0.18.0)
    ruby-progressbar (1.7.1)
    rubyzip (1.2.2)
    sass (3.7.4)
      sass-listen (~> 4.0.0)
    sass-listen (4.0.0)
      rb-fsevent (~> 0.9, >= 0.9.4)
      rb-inotify (~> 0.9, >= 0.9.7)
    selenium-webdriver (2.46.1)
      childprocess (~> 0.5)
      multi_json (~> 1.0)
      rubyzip (~> 1.0)
      websocket (~> 1.0)
    simplecov (0.9.1)
      docile (~> 1.1.0)
      multi_json (~> 1.0)
      simplecov-html (~> 0.8.0)
    simplecov-html (0.8.0)
    spreadsheet (1.0.0)
      ruby-ole (>= 1.0)
    sprockets (2.12.5)
      hike (~> 1.2)
      multi_json (~> 1.0)
      rack (~> 1.0)
      tilt (~> 1.1, != 1.3.0)
    sprockets-rails (2.3.3)
      actionpack (>= 3.0)
      activesupport (>= 3.0)
      sprockets (>= 2.8, < 4.0)
    sqlite3 (1.3.10)
    summernote-rails (0.5.10.2)
      railties (>= 3.1)
    therubyracer (0.12.1)
      libv8 (~> 3.16.14.0)
      ref
    thor (0.20.3)
    thread_safe (0.3.6)
    tilt (1.4.1)
    touchpunch-rails (1.0.3)
      railties (>= 3.1)
    tzinfo (1.2.5)
      thread_safe (~> 0.1)
    uglifier (2.6.1)
      execjs (>= 0.3.0)
      json (>= 1.8.0)
    unf (0.1.4)
      unf_ext
    unf_ext (0.0.7.2)
    useragent (0.10.0)
    warden (1.2.7)
      rack (>= 1.0)
    websocket (1.2.2)
    will_paginate (3.0.7)
    will_paginate-bootstrap (1.0.1)
      will_paginate (>= 3.0.3)
    xpath (2.0.0)
      nokogiri (~> 1.3)

PLATFORMS
  ruby

DEPENDENCIES
  auto_html
  bcrypt-ruby
  beaker (~> 1.3.0)!
  better_colorpicker (~> 0.1.2)!
  bootstrap-datepicker-rails
  bootstrap-sass
  bootstrap-switch-rails
  browser
  byebug
  capybara
  capybara-screenshot
  capybara-webkit
  coffee-rails
  coffee-rails-source-maps
  coffeebeans
  coffeelint
  derailed
  devise
  dropzonejs-rails
  execjs
  font-awesome-rails (~> 4.4.0.0)
  handlebars
  handlebars_assets
  html5_validator
  httparty
  jqgrid-jquery-rails (~> 4.6.001)
  jquery-drag-rails
  jquery-rails
  jquery-ui-rails
  launchy
  mini_magick
  minitest (~> 5.1)
  minitest-reporters
  modernizr-rails
  moment_timezone-rails
  momentjs-rails
  multi_json
  omniauth-google-oauth2
  pg
  puma
  rack-cors
  rails (~> 4.1.4)
  rails-perftest
  recaptcha!
  remotipart
  roo
  rubocop!
  ruby-prof
  rubyzip (>= 1.0.0)
  selenium-webdriver
  simplecov
  sprockets (~> 2.12)
  sqlite3
  summernote-rails
  therubyracer
  touchpunch-rails
  uglifier
  useragent (~> 0.10.0)
  will_paginate
  will_paginate-bootstrap
  yaml_db!

BUNDLED WITH
   1.17.3
